NUGET
  remote: https://www.nuget.org/api/v2
    FAKE (4.50.1)
    Microsoft.Bcl (1.1.10) - framework: net40, portable-net40+win80+sl40+wp71, portable-net40+win80+sl50+wp80+wpa81, sl50
      Microsoft.Bcl.Build (>= 1.0.14)
    Microsoft.Bcl.Async (1.0.168) - framework: net40, portable-net40+win80+sl40+wp71, portable-net40+win80+sl50+wp80+wpa81, sl50
      Microsoft.Bcl (>= 1.1.8)
    Microsoft.Bcl.Build (1.0.21) - import_targets: false, framework: net40, portable-net40+win80+sl40+wp71, portable-net40+win80+sl50+wp80+wpa81, sl50
    Nito.AsyncEx (3.0.1)
      Microsoft.Bcl.Async (>= 1.0.168) - framework: net40, portable-net40+win80+sl40+wp71, portable-net40+win80+sl50+wp80+wpa81, sl50
